GEM
  remote: http://rubygems.org/
  specs:
    albino (1.3.3)
      posix-spawn (>= 0.3.6)
    archive-tar-minitar (0.5.2)
    classifier (1.3.3)
      fast-stemmer (>= 1.0.0)
    closure-compiler (1.1.4)
    directory_watcher (1.4.1)
    downlow (0.1.4)
      archive-tar-minitar (>= 0.5.2)
      rubyzip (>= 0.9.4)
    fast-stemmer (1.0.0)
    foreman (0.32.0)
      term-ansicolor (~> 1.0.5)
      thor (>= 0.13.6)
    fssm (0.2.8.1)
    jekyll (0.11.2)
      albino (~> 1.3)
      classifier (~> 1.3)
      directory_watcher (~> 1.1)
      kramdown (~> 0.13)
      liquid (~> 2.3)
      maruku (~> 0.5)
    jim (0.3.2)
      downlow (~> 0.1.3)
      fssm
      thor
      version_sorter (~> 1.1.0)
      yajl-ruby
    kramdown (0.13.4)
    liquid (2.3.0)
    maruku (0.6.0)
      syntax (>= 1.0.0)
    posix-spawn (0.3.6)
    rake (12.3.3)
    rdiscount (1.6.8)
    rubyzip (0.9.5)
    syntax (1.0.0)
    term-ansicolor (1.0.7)
    thor (0.14.6)
    version_sorter (1.1.0)
    yajl-ruby (1.1.0)

PLATFORMS
  ruby

DEPENDENCIES
  closure-compiler
  foreman
  jekyll
  jim
  rake
  rdiscount
